GEM
  remote: https://rubygems.org/
  specs:
    ruby-pcap (0.7.9)

PLATFORMS
  ruby

DEPENDENCIES
  ruby-pcap
